GEM
  remote: https://rubygems.org/
  specs:
    addressable (2.3.5)
    faraday (0.9.0)
      multipart-post (>= 1.2, < 3)
    io-console (0.4.2)
    multipart-post (2.0.0)
    netrc (0.7.7)
    octokit (2.7.0)
      sawyer (~> 0.5.2)
    sawyer (0.5.2)
      addressable (~> 2.3.5)
      faraday (~> 0.8, < 0.10)
    terminal-table (1.4.5)

PLATFORMS
  ruby

DEPENDENCIES
  io-console
  netrc
  octokit
  terminal-table
