GEM
  remote: http://rubygems.org/
  specs:
    addressable (2.3.2)
    faraday (0.8.4)
      multipart-post (~> 1.1)
    faraday_middleware (0.8.8)
      faraday (>= 0.7.4, < 0.9)
    hashie (1.2.0)
    io-console (0.3)
    multi_json (1.3.6)
    multipart-post (1.1.5)
    octokit (1.15.1)
      addressable (~> 2.2)
      faraday (~> 0.8)
      faraday_middleware (~> 0.8)
      hashie (~> 1.2)
      multi_json (~> 1.3)
    terminal-table (1.4.5)

PLATFORMS
  ruby

DEPENDENCIES
  io-console
  octokit
  terminal-table
