GEM
  remote: http://rubygems.org/
  specs:
    activesupport (3.2.8)
      i18n (~> 0.6)
      multi_json (~> 1.0)
    addressable (2.3.2)
    faraday (0.8.4)
      multipart-post (~> 1.1)
    faraday_middleware (0.8.8)
      faraday (>= 0.7.4, < 0.9)
    hashie (1.2.0)
    i18n (0.6.0)
    multi_json (1.3.6)
    multipart-post (1.1.5)
    octokit (1.10.0)
      addressable (~> 2.2)
      faraday (~> 0.8)
      faraday_middleware (~> 0.8)
      hashie (~> 1.2)
      multi_json (~> 1.3)
    password (1.3)
      activesupport (>= 2.0.2)
    terminal-table (1.4.5)

PLATFORMS
  ruby

DEPENDENCIES
  octokit
  password
  terminal-table
