GEM
  remote: https://rubygems.org/
  specs:
    addressable (2.5.2)
      public_suffix (>= 2.0.2, < 4.0)
    faraday (0.15.3)
      multipart-post (>= 1.2, < 3)
    io-console (0.4.6)
    multipart-post (2.0.0)
    netrc (0.11.0)
    octokit (4.12.0)
      sawyer (~> 0.8.0, >= 0.5.3)
    public_suffix (3.0.3)
    sawyer (0.8.1)
      addressable (>= 2.3.5, < 2.6)
      faraday (~> 0.8, < 1.0)
    terminal-table (1.8.0)
      unicode-display_width (~> 1.1, >= 1.1.1)
    unicode-display_width (1.4.0)

PLATFORMS
  ruby

DEPENDENCIES
  io-console
  netrc
  octokit
  terminal-table

RUBY VERSION
   ruby 2.5.1p57

BUNDLED WITH
   1.16.2
