GEM
  remote: https://rubygems.org/
  specs:
    addressable (2.4.0)
    faraday (0.9.2)
      multipart-post (>= 1.2, < 3)
    io-console (0.4.6)
    multipart-post (2.0.0)
    netrc (0.11.0)
    octokit (4.3.0)
      sawyer (~> 0.7.0, >= 0.5.3)
    sawyer (0.7.0)
      addressable (>= 2.3.5, < 2.5)
      faraday (~> 0.8, < 0.10)
    terminal-table (1.5.2)

PLATFORMS
  ruby

DEPENDENCIES
  io-console
  netrc
  octokit
  terminal-table

RUBY VERSION
   ruby 2.4.0p0

BUNDLED WITH
   1.13.7
